GEM
  remote: https://rubygems.org/
  specs:
    childprocess (0.5.5)
      ffi (~> 1.0, >= 1.0.11)
    dotenv (0.9.0)
    excon (0.39.6)
    ffi (1.9.6)
    multi_json (1.10.1)
    rack (1.6.0)
    rack-protection (1.5.3)
      rack
    rack_csrf (2.5.0)
      rack (>= 1.1.0)
    rubyzip (1.1.7)
    selenium-webdriver (2.44.0)
      childprocess (~> 0.5)
      multi_json (~> 1.0)
      rubyzip (~> 1.0)
      websocket (~> 1.0)
    sinatra (1.4.5)
      rack (~> 1.4)
      rack-protection (~> 1.4)
      tilt (~> 1.3, >= 1.3.4)
    slack_invitation (0.0.1)
      selenium-webdriver (~> 2)
    tilt (1.4.1)
    websocket (1.2.1)

PLATFORMS
  ruby

DEPENDENCIES
  dotenv
  excon
  multi_json
  rack_csrf
  sinatra
  slack_invitation
